GEM
  remote: https://rubygems.org/
  specs:
    aws-sdk (2.10.13)
      aws-sdk-resources (= 2.10.13)
    aws-sdk-core (2.10.13)
      aws-sigv4 (~> 1.0)
      jmespath (~> 1.0)
    aws-sdk-resources (2.10.13)
      aws-sdk-core (= 2.10.13)
    aws-sigv4 (1.0.1)
    dotenv (2.2.1)
    etude_for_aws (0.7.10)
      aws-sdk (~> 2.9)
      dotenv
    jmespath (1.3.1)

PLATFORMS
  ruby

DEPENDENCIES
  etude_for_aws (~> 0.7.10)

BUNDLED WITH
   1.15.1
